GEM
  remote: https://rubygems.org/
  specs:
    ast (2.3.0)
    bindata (2.3.3)
    colorize (0.8.1)
    ffi (1.9.14)
    gsasl (1.0.0)
      ffi
    parser (2.3.1.4)
      ast (~> 2.2)
    powerpack (0.1.1)
    rainbow (2.1.0)
    rubocop (0.43.0)
      parser (>= 2.3.1.1, < 3.0)
      powerpack (~> 0.1)
      rainbow (>= 1.99.1, < 3.0)
      ruby-progressbar (~> 1.7)
      unicode-display_width (~> 1.0, >= 1.0.1)
    ruby-progressbar (1.8.1)
    trollop (2.1.2)
    unicode-display_width (1.1.1)

PLATFORMS
  ruby

DEPENDENCIES
  bindata
  colorize
  gsasl
  rubocop
  trollop

BUNDLED WITH
   1.12.3
